GIT
  remote: https://github.com/diegosteiner/index_helper.git
<<<<<<< Updated upstream
  revision: c455efefbf5c82dbec5f42e6cd43c27f2db1bd78
=======
  revision: be63135d9b5913ddba65c4e6ec244d6997a1b8df
>>>>>>> Stashed changes
  specs:
    index_helper (0.0.1)
      rails (~> 3.1.3)

GEM
  remote: http://rubygems.org/
  specs:
    RedCloth (4.2.9)
    actionmailer (3.1.3)
      actionpack (= 3.1.3)
      mail (~> 2.3.0)
    actionpack (3.1.3)
      activemodel (= 3.1.3)
      activesupport (= 3.1.3)
      builder (~> 3.0.0)
      erubis (~> 2.7.0)
      i18n (~> 0.6)
      rack (~> 1.3.5)
      rack-cache (~> 1.1)
      rack-mount (~> 0.8.2)
      rack-test (~> 0.6.1)
      sprockets (~> 2.0.3)
    activemodel (3.1.3)
      activesupport (= 3.1.3)
      builder (~> 3.0.0)
      i18n (~> 0.6)
    activerecord (3.1.3)
      activemodel (= 3.1.3)
      activesupport (= 3.1.3)
      arel (~> 2.2.1)
      tzinfo (~> 0.3.29)
    activeresource (3.1.3)
      activemodel (= 3.1.3)
      activesupport (= 3.1.3)
    activesupport (3.1.3)
      multi_json (~> 1.0)
    ansi (1.4.2)
    arel (2.2.2)
    authlogic (3.1.0)
      activerecord (>= 3.0.7)
      activerecord (>= 3.0.7)
    builder (3.0.0)
    cancan (1.6.7)
    cocaine (0.2.1)
    coffee-rails (3.1.1)
      coffee-script (>= 2.2.0)
      railties (~> 3.1.0)
    coffee-script (2.2.0)
      coffee-script-source
      execjs
    coffee-script-source (1.3.1)
    dynamic_form (1.1.4)
    erubis (2.7.0)
    execjs (1.3.2)
      multi_json (~> 1.0)
<<<<<<< Updated upstream
    formtastic (2.0.2)
      rails (~> 3.0)
=======
    formtastic (2.2.0)
      actionpack (>= 3.0)
>>>>>>> Stashed changes
    hike (1.2.1)
    i18n (0.6.0)
    jquery-rails (1.0.19)
      railties (~> 3.0)
      thor (~> 0.14)
<<<<<<< Updated upstream
    json (1.6.5)
=======
    json (1.7.1)
>>>>>>> Stashed changes
    kaminari (0.13.0)
      actionpack (>= 3.0.0)
      activesupport (>= 3.0.0)
      railties (>= 3.0.0)
    mail (2.3.0)
      i18n (>= 0.4.0)
      mime-types (~> 1.16)
      treetop (~> 1.4.8)
<<<<<<< Updated upstream
    mime-types (1.17.2)
    multi_json (1.1.0)
=======
    mime-types (1.18)
    multi_json (1.3.4)
>>>>>>> Stashed changes
    mysql2 (0.3.11)
    nested_set (1.7.0)
      activerecord (>= 3.0.0)
      railties (>= 3.0.0)
<<<<<<< Updated upstream
    nokogiri (1.5.0)
    paperclip (2.6.0)
      activerecord (>= 2.3.0)
      activesupport (>= 2.3.2)
=======
    newrelic_rpm (3.3.4.1)
    nokogiri (1.5.2)
    paperclip (3.0.3)
      activemodel (>= 3.0.0)
      activerecord (>= 3.0.0)
      activesupport (>= 3.0.0)
>>>>>>> Stashed changes
      cocaine (>= 0.0.2)
      mime-types
    pdfkit (0.5.2)
    polyglot (0.3.3)
    rack (1.3.6)
    rack-cache (1.1)
      rack (>= 0.4)
    rack-mount (0.8.3)
      rack (>= 1.0.0)
    rack-ssl (1.3.2)
      rack
    rack-test (0.6.1)
      rack (>= 1.0)
    rails (3.1.3)
      actionmailer (= 3.1.3)
      actionpack (= 3.1.3)
      activerecord (= 3.1.3)
      activeresource (= 3.1.3)
      activesupport (= 3.1.3)
      bundler (~> 1.0)
      railties (= 3.1.3)
    railties (3.1.3)
      actionpack (= 3.1.3)
      activesupport (= 3.1.3)
      rack-ssl (~> 1.3.2)
      rake (>= 0.8.7)
      rdoc (~> 3.4)
      thor (~> 0.14.6)
    rake (0.9.2.2)
    rdoc (3.12)
      json (~> 1.4)
<<<<<<< Updated upstream
    rubyzip (0.9.6.1)
    sass (3.1.15)
    sass-rails (3.1.5)
=======
    rubyzip (0.9.8)
    sass (3.1.17)
    sass-rails (3.1.6)
>>>>>>> Stashed changes
      actionpack (~> 3.1.0)
      railties (~> 3.1.0)
      sass (~> 3.1.10)
      tilt (~> 1.3.2)
    skeleton-rails (0.0.2)
    sprockets (2.0.4)
      hike (~> 1.2)
      rack (~> 1.0)
      tilt (~> 1.1, != 1.3.0)
    thor (0.14.6)
    tilt (1.3.3)
    treetop (1.4.10)
      polyglot
      polyglot (>= 0.3.1)
<<<<<<< Updated upstream
    turn (0.9.3)
      ansi
    tzinfo (0.3.31)
    uglifier (1.2.3)
=======
    turn (0.9.5)
      ansi
    tzinfo (0.3.33)
    uglifier (1.2.4)
>>>>>>> Stashed changes
      execjs (>= 0.3.0)
      multi_json (>= 1.0.2)

PLATFORMS
  ruby

DEPENDENCIES
  RedCloth
  authlogic
  cancan
  coffee-rails
  dynamic_form
  formtastic
  index_helper!
  jquery-rails
  kaminari
  mysql2
  nested_set
  newrelic_rpm
  nokogiri
  paperclip
  pdfkit
  rails
  rubyzip
  sass-rails
  skeleton-rails
  turn
  uglifier
